GEM
  remote: https://rubygems.org/
  specs:
    awesome_print (1.0.2)
    coderay (1.0.7)
    diff-lcs (1.1.3)
    fancy_irb (0.7.2)
      paint (>= 0.8.1)
      unicode-display_width (>= 0.1.1)
    growl (1.0.3)
    hirb (0.7.0)
    method_source (0.8)
    paint (0.8.5)
    pry (0.9.10)
      coderay (~> 1.0.5)
      method_source (~> 0.8)
      slop (~> 3.3.1)
    pry-doc (0.4.4)
      pry (>= 0.9.9.6)
      yard (~> 0.8.1)
    rspec (2.11.0)
      rspec-core (~> 2.11.0)
      rspec-expectations (~> 2.11.0)
      rspec-mocks (~> 2.11.0)
    rspec-core (2.11.1)
    rspec-expectations (2.11.1)
      diff-lcs (~> 1.1.3)
    rspec-mocks (2.11.1)
    slop (3.3.2)
    unicode-display_width (0.1.1)
    wirb (0.4.2)
    yard (0.8.2.1)

PLATFORMS
  ruby

DEPENDENCIES
  awesome_print
  fancy_irb
  growl (= 1.0.3)
  hirb
  pry
  pry-doc
  rspec
  wirb
